GEM
  remote: https://rubygems.org/
  specs:
    activesupport (3.2.22)
      i18n (~> 0.6, >= 0.6.4)
      multi_json (~> 1.0)
    better_errors (0.9.0)
      coderay (>= 1.0.0)
      erubis (>= 2.6.6)
    bigcartel-currency-locales (1.3.1)
    bigcartel-theme-fonts (1.1.1)
    capybara (2.5.0)
      mime-types (>= 1.16)
      nokogiri (>= 1.3.3)
      rack (>= 1.0.0)
      rack-test (>= 0.5.4)
      xpath (~> 2.0)
    capybara-webkit (1.7.0)
      capybara (>= 2.3.0, < 2.6.0)
      json
    chunky_png (1.3.4)
    coderay (1.1.0)
    coffee-script (2.2.0)
      coffee-script-source
      execjs
    coffee-script-source (1.9.1.1)
    compass (0.12.7)
      chunky_png (~> 1.2)
      fssm (>= 0.2.7)
      sass (~> 3.2.19)
    daemons (1.2.3)
    diff-lcs (1.2.5)
    dugway (0.10.3)
      activesupport (~> 3.2.14)
      better_errors (~> 0.9.0)
      bigcartel-currency-locales
      bigcartel-theme-fonts
      bundler (~> 1.1)
      coffee-script (~> 2.2.0)
      compass (~> 0.12.2)
      htmlentities (~> 4.3.1)
      httparty (~> 0.10.0)
      i18n (= 0.6.4)
      liquid (~> 2.4.1)
      rack (~> 1.4.1)
      rack-mount (~> 0.8.3)
      rubyzip (~> 0.9.9)
      sass (~> 3.2.5)
      sprockets (~> 2.0)
      sprockets-sass (~> 0.9.1)
      thin (~> 1.5.0)
      thor (~> 0.17.0)
      uglifier (~> 1.3.0)
      will_paginate (~> 3.0.4)
    erubis (2.7.0)
    eventmachine (1.0.8)
    execjs (2.6.0)
    fssm (0.2.10)
    hike (1.2.3)
    htmlentities (4.3.4)
    httparty (0.10.2)
      multi_json (~> 1.0)
      multi_xml (>= 0.5.2)
    i18n (0.6.4)
    json (1.8.3)
    liquid (2.4.1)
    mime-types (2.6.1)
    mini_portile (0.6.2)
    multi_json (1.11.2)
    multi_xml (0.5.5)
    nokogiri (1.6.6.2)
      mini_portile (~> 0.6.0)
    rack (1.4.7)
    rack-mount (0.8.3)
      rack (>= 1.0.0)
    rack-test (0.6.3)
      rack (>= 1.0)
    rspec (3.3.0)
      rspec-core (~> 3.3.0)
      rspec-expectations (~> 3.3.0)
      rspec-mocks (~> 3.3.0)
    rspec-core (3.3.2)
      rspec-support (~> 3.3.0)
    rspec-expectations (3.3.1)
      diff-lcs (>= 1.2.0, < 2.0)
      rspec-support (~> 3.3.0)
    rspec-mocks (3.3.2)
      diff-lcs (>= 1.2.0, < 2.0)
      rspec-support (~> 3.3.0)
    rspec-support (3.3.0)
    rubyzip (0.9.9)
    sass (3.2.19)
    sprockets (2.12.4)
      hike (~> 1.2)
      multi_json (~> 1.0)
      rack (~> 1.0)
      tilt (~> 1.1, != 1.3.0)
    sprockets-sass (0.9.1)
      sprockets (~> 2.0)
      tilt (~> 1.1)
    thin (1.5.1)
      daemons (>= 1.0.9)
      eventmachine (>= 0.12.6)
      rack (>= 1.0.0)
    thor (0.17.0)
    tilt (1.4.1)
    uglifier (1.3.0)
      execjs (>= 0.3.0)
      multi_json (~> 1.0, >= 1.0.2)
    will_paginate (3.0.7)
    xpath (2.0.0)
      nokogiri (~> 1.3)

PLATFORMS
  ruby

DEPENDENCIES
  capybara (~> 2.5.0)
  capybara-webkit (~> 1.7.0)
  dugway (~> 0.10.0)
  rspec (~> 3.3.0)

BUNDLED WITH
   1.10.6
